GEM
  remote: https://rubygems.org/
  specs:
    puma (3.8.2)
    rack (2.0.3)
    slim (3.0.8)
      temple (>= 0.7.6, < 0.9)
      tilt (>= 1.3.3, < 2.1)
    temple (0.8.0)
    tilt (2.0.7)

PLATFORMS
  ruby

DEPENDENCIES
  puma
  rack
  slim

RUBY VERSION
   ruby 2.3.3p222

BUNDLED WITH
   1.14.6
